GEM
  remote: https://rubygems.org/
  specs:
    colored (1.2)

PLATFORMS
  ruby

DEPENDENCIES
  colored

BUNDLED WITH
   2.1.4
